PATH
  remote: .
  specs:
    spreadsheet_builder (0.0.1)
      css_parser
      nokogiri
      spreadsheet

GEM
  remote: https://rubygems.org/
  specs:
    addressable (2.3.8)
    css_parser (1.3.6)
      addressable
    mini_portile (0.6.2)
    nokogiri (1.6.6.2)
      mini_portile (~> 0.6.0)
    ruby-ole (1.2.11.8)
    spreadsheet (1.0.4)
      ruby-ole (>= 1.0)

PLATFORMS
  ruby

DEPENDENCIES
  spreadsheet_builder!

BUNDLED WITH
   1.10.5
