PATH
  remote: .
  specs:
    spreadsheet_builder (0.0.1)
      css_parser
      nokogiri
      shade
      spreadsheet

GEM
  remote: https://rubygems.org/
  specs:
    addressable (2.3.8)
    color (1.7.1)
    css_parser (1.3.6)
      addressable
    ffi (1.9.10)
    ffi-compiler (0.1.3)
      ffi (>= 1.0.0)
      rake
    geokdtree (0.2.0)
      ffi
      ffi-compiler
      rake
    mini_portile (0.6.2)
    nokogiri (1.6.6.2)
      mini_portile (~> 0.6.0)
    rake (10.4.2)
    ruby-ole (1.2.11.8)
    shade (0.0.1)
      color
      geokdtree
    spreadsheet (1.0.4)
      ruby-ole (>= 1.0)

PLATFORMS
  ruby

DEPENDENCIES
  spreadsheet_builder!

BUNDLED WITH
   1.10.5
